GEM
  remote: https://rubygems.org/
  specs:
    amq-protocol (1.8.0)
    bunny (0.10.7)
      amq-protocol (>= 1.6.0)
    kramdown (1.2.0)
    mime-types (1.25)
    rest-client (1.6.7)
      mime-types (>= 1.16)

PLATFORMS
  ruby

DEPENDENCIES
  bunny (~> 0.10.7)
  kramdown (~> 1.2.0)
  rest-client (~> 1.6.7)
